GEM
  remote: https://rubygems.org/
  specs:
    backports (3.6.0)
    bcrypt (3.1.7)
    daemon_controller (1.1.5)
    multi_json (1.9.2)
    passenger (4.0.35)
      daemon_controller (>= 1.1.0)
      rack
      rake (>= 0.8.1)
    pg (0.17.1)
    rack (1.5.2)
    rack-protection (1.5.2)
      rack
    rack-test (0.6.2)
      rack (>= 1.0)
    rake (10.1.0)
    sass (3.4.5)
    sequel (4.8.0)
    sinatra (1.4.4)
      rack (~> 1.4)
      rack-protection (~> 1.4)
      tilt (~> 1.3, >= 1.3.4)
    sinatra-contrib (1.4.2)
      backports (>= 2.0)
      multi_json
      rack-protection
      rack-test
      sinatra (~> 1.4.0)
      tilt (~> 1.3)
    sinatra-sequel (0.9.0)
      sequel (>= 3.2.0)
      sinatra (>= 0.9.4)
    slim (2.0.2)
      temple (~> 0.6.6)
      tilt (>= 1.3.3, < 2.1)
    temple (0.6.7)
    tilt (1.4.1)
    uifaces (0.0.2)

PLATFORMS
  ruby

DEPENDENCIES
  bcrypt
  passenger (>= 4.0.35)
  pg
  sass
  sinatra (>= 1.2.1)
  sinatra-contrib
  sinatra-sequel
  slim
  uifaces

RUBY VERSION
   ruby 2.3.1p112

BUNDLED WITH
   1.15.4
